STORAGE: NONE
RESTRICTION: == netstandard2.0
NUGET
  remote: https://api.nuget.org/v3/index.json
    Apache.Avro (1.10.2)
      Newtonsoft.Json (>= 10.0.3)
      System.CodeDom (>= 4.4)
      System.Reflection (>= 4.3)
      System.Reflection.Emit.ILGeneration (>= 4.7)
      System.Reflection.Emit.Lightweight (>= 4.7)
    AvroSchemaGenerator (1.9)
      System.ComponentModel.Annotations (>= 5.0)
      System.Text.Json (>= 5.0.2)
    DerConverter (3.0.0.82)
    FSharp.Core (5.0.1)
    FSharp.UMX (1.0)
      FSharp.Core (>= 4.3.4)
    K4os.Compression.LZ4 (1.2.6)
      System.Memory (>= 4.5.4)
    libsodium (1.0.18.1)
    Microsoft.Bcl.AsyncInterfaces (5.0)
      System.Threading.Tasks.Extensions (>= 4.5.4)
    Microsoft.Extensions.Caching.Abstractions (5.0)
      Microsoft.Extensions.Primitives (>= 5.0)
    Microsoft.Extensions.Caching.Memory (5.0)
      Microsoft.Extensions.Caching.Abstractions (>= 5.0)
      Microsoft.Extensions.DependencyInjection.Abstractions (>= 5.0)
      Microsoft.Extensions.Logging.Abstractions (>= 5.0)
      Microsoft.Extensions.Options (>= 5.0)
      Microsoft.Extensions.Primitives (>= 5.0)
    Microsoft.Extensions.DependencyInjection (5.0.2)
      Microsoft.Bcl.AsyncInterfaces (>= 5.0)
      Microsoft.Extensions.DependencyInjection.Abstractions (>= 5.0)
      System.Threading.Tasks.Extensions (>= 4.5.4)
    Microsoft.Extensions.DependencyInjection.Abstractions (5.0)
    Microsoft.Extensions.Logging (5.0)
      Microsoft.Extensions.DependencyInjection (>= 5.0)
      Microsoft.Extensions.DependencyInjection.Abstractions (>= 5.0)
      Microsoft.Extensions.Logging.Abstractions (>= 5.0)
      Microsoft.Extensions.Options (>= 5.0)
      System.Diagnostics.DiagnosticSource (>= 5.0)
    Microsoft.Extensions.Logging.Abstractions (5.0)
    Microsoft.Extensions.Options (5.0)
      Microsoft.Extensions.DependencyInjection.Abstractions (>= 5.0)
      Microsoft.Extensions.Primitives (>= 5.0)
    Microsoft.Extensions.Primitives (5.0.1)
      System.Buffers (>= 4.5.1)
      System.Memory (>= 4.5.4)
      System.Runtime.CompilerServices.Unsafe (>= 5.0)
    Microsoft.IO.RecyclableMemoryStream (2.1.2)
      System.Memory (>= 4.5.4)
    Microsoft.NETCore.Platforms (5.0.2)
    Microsoft.NETCore.Targets (5.0)
    NETStandard.Library (2.0.3)
      Microsoft.NETCore.Platforms (>= 1.1)
    Newtonsoft.Json (13.0.1)
    NSec.Cryptography (20.2)
      libsodium (>= 1.0.18 < 1.0.19)
      System.Memory (>= 4.5.3)
      System.Runtime.CompilerServices.Unsafe (>= 4.7)
    PemUtils (3.0.0.82)
      DerConverter (>= 3.0.0.82)
    Pipelines.Sockets.Unofficial (2.2)
      System.IO.Pipelines (>= 5.0)
    protobuf-net (3.0.101)
      protobuf-net.Core (>= 3.0.101)
      System.Memory (>= 4.5.4)
      System.Reflection.Emit (>= 4.7)
      System.Reflection.Emit.Lightweight (>= 4.7)
    protobuf-net.Core (3.0.101)
      System.Collections.Immutable (>= 1.7.1)
      System.Memory (>= 4.5.4)
    protobuf-net.Reflection (3.0.101)
      protobuf-net.Core (>= 3.0.101)
    Snappy.Standard (0.2)
      NETStandard.Library (>= 1.6)
    System.Buffers (4.5.1)
    System.CodeDom (5.0)
    System.Collections.Immutable (5.0)
      System.Memory (>= 4.5.4)
    System.ComponentModel.Annotations (5.0)
    System.Diagnostics.DiagnosticSource (5.0.1)
      System.Memory (>= 4.5.4)
      System.Runtime.CompilerServices.Unsafe (>= 5.0)
    System.IO (4.3)
      Microsoft.NETCore.Platforms (>= 1.1)
      Microsoft.NETCore.Targets (>= 1.1)
      System.Runtime (>= 4.3)
      System.Text.Encoding (>= 4.3)
      System.Threading.Tasks (>= 4.3)
    System.IO.Pipelines (5.0.1)
      System.Buffers (>= 4.5.1)
      System.Memory (>= 4.5.4)
      System.Threading.Tasks.Extensions (>= 4.5.4)
    System.Memory (4.5.4)
      System.Buffers (>= 4.5.1)
      System.Numerics.Vectors (>= 4.4)
      System.Runtime.CompilerServices.Unsafe (>= 4.5.3)
    System.Numerics.Vectors (4.5)
    System.Reflection (4.3)
      Microsoft.NETCore.Platforms (>= 1.1)
      Microsoft.NETCore.Targets (>= 1.1)
      System.IO (>= 4.3)
      System.Reflection.Primitives (>= 4.3)
      System.Runtime (>= 4.3)
    System.Reflection.Emit (4.7)
      System.Reflection.Emit.ILGeneration (>= 4.7)
    System.Reflection.Emit.ILGeneration (4.7)
    System.Reflection.Emit.Lightweight (4.7)
      System.Reflection.Emit.ILGeneration (>= 4.7)
    System.Reflection.Primitives (4.3)
      Microsoft.NETCore.Platforms (>= 1.1)
      Microsoft.NETCore.Targets (>= 1.1)
      System.Runtime (>= 4.3)
    System.Runtime (4.3.1)
      Microsoft.NETCore.Platforms (>= 1.1.1)
      Microsoft.NETCore.Targets (>= 1.1.3)
    System.Runtime.CompilerServices.Unsafe (5.0)
    System.Text.Encoding (4.3)
      Microsoft.NETCore.Platforms (>= 1.1)
      Microsoft.NETCore.Targets (>= 1.1)
      System.Runtime (>= 4.3)
    System.Text.Encodings.Web (5.0.1)
      System.Buffers (>= 4.5.1)
      System.Memory (>= 4.5.4)
    System.Text.Json (5.0.2)
      Microsoft.Bcl.AsyncInterfaces (>= 5.0)
      System.Buffers (>= 4.5.1)
      System.Memory (>= 4.5.4)
      System.Numerics.Vectors (>= 4.5)
      System.Runtime.CompilerServices.Unsafe (>= 5.0)
      System.Text.Encodings.Web (>= 5.0.1)
      System.Threading.Tasks.Extensions (>= 4.5.4)
    System.Threading.Channels (5.0)
      System.Threading.Tasks.Extensions (>= 4.5.4)
    System.Threading.Tasks (4.3)
      Microsoft.NETCore.Platforms (>= 1.1)
      Microsoft.NETCore.Targets (>= 1.1)
      System.Runtime (>= 4.3)
    System.Threading.Tasks.Extensions (4.5.4)
      System.Runtime.CompilerServices.Unsafe (>= 4.5.3)
    System.ValueTuple (4.5)
    TaskBuilder.fs (2.1)
      FSharp.Core (>= 4.1.17)
      NETStandard.Library (>= 1.6.1)
      System.ValueTuple (>= 4.4)
    zlib.net-mutliplatform (1.0.5)
    ZstdNet (1.4.5)
      System.Memory (>= 4.5.4)

GROUP Examples
STORAGE: NONE
RESTRICTION: == net50
NUGET
  remote: https://api.nuget.org/v3/index.json
    Apache.Avro (1.10.2)
      Newtonsoft.Json (>= 10.0.3)
      System.CodeDom (>= 4.4)
      System.Reflection (>= 4.3)
      System.Reflection.Emit.ILGeneration (>= 4.7)
      System.Reflection.Emit.Lightweight (>= 4.7)
    AvroSchemaGenerator (1.9)
      System.ComponentModel.Annotations (>= 5.0)
      System.Text.Json (>= 5.0.2)
    DerConverter (3.0.0.82)
    FSharp.Core (5.0.2)
    FSharp.UMX (1.0)
      FSharp.Core (>= 4.3.4)
    K4os.Compression.LZ4 (1.2.6)
      System.Memory (>= 4.5.4)
    libsodium (1.0.18.1)
    Microsoft.Bcl.AsyncInterfaces (5.0)
    Microsoft.Extensions.Caching.Abstractions (5.0)
      Microsoft.Extensions.Primitives (>= 5.0)
    Microsoft.Extensions.Caching.Memory (5.0)
      Microsoft.Extensions.Caching.Abstractions (>= 5.0)
      Microsoft.Extensions.DependencyInjection.Abstractions (>= 5.0)
      Microsoft.Extensions.Logging.Abstractions (>= 5.0)
      Microsoft.Extensions.Options (>= 5.0)
      Microsoft.Extensions.Primitives (>= 5.0)
    Microsoft.Extensions.Configuration (5.0)
      Microsoft.Extensions.Configuration.Abstractions (>= 5.0)
      Microsoft.Extensions.Primitives (>= 5.0)
    Microsoft.Extensions.Configuration.Abstractions (5.0)
      Microsoft.Extensions.Primitives (>= 5.0)
    Microsoft.Extensions.Configuration.Binder (5.0)
      Microsoft.Extensions.Configuration.Abstractions (>= 5.0)
    Microsoft.Extensions.DependencyInjection (5.0.2)
      Microsoft.Extensions.DependencyInjection.Abstractions (>= 5.0)
    Microsoft.Extensions.DependencyInjection.Abstractions (5.0)
    Microsoft.Extensions.Logging (5.0)
      Microsoft.Extensions.DependencyInjection (>= 5.0)
      Microsoft.Extensions.DependencyInjection.Abstractions (>= 5.0)
      Microsoft.Extensions.Logging.Abstractions (>= 5.0)
      Microsoft.Extensions.Options (>= 5.0)
    Microsoft.Extensions.Logging.Abstractions (5.0)
    Microsoft.Extensions.Logging.Configuration (5.0)
      Microsoft.Extensions.Configuration (>= 5.0)
      Microsoft.Extensions.Configuration.Abstractions (>= 5.0)
      Microsoft.Extensions.Configuration.Binder (>= 5.0)
      Microsoft.Extensions.DependencyInjection.Abstractions (>= 5.0)
      Microsoft.Extensions.Logging (>= 5.0)
      Microsoft.Extensions.Logging.Abstractions (>= 5.0)
      Microsoft.Extensions.Options (>= 5.0)
      Microsoft.Extensions.Options.ConfigurationExtensions (>= 5.0)
    Microsoft.Extensions.Logging.Console (5.0)
      Microsoft.Extensions.Configuration.Abstractions (>= 5.0)
      Microsoft.Extensions.DependencyInjection.Abstractions (>= 5.0)
      Microsoft.Extensions.Logging (>= 5.0)
      Microsoft.Extensions.Logging.Abstractions (>= 5.0)
      Microsoft.Extensions.Logging.Configuration (>= 5.0)
      Microsoft.Extensions.Options (>= 5.0)
      Microsoft.Extensions.Options.ConfigurationExtensions (>= 5.0)
    Microsoft.Extensions.Options (5.0)
      Microsoft.Extensions.DependencyInjection.Abstractions (>= 5.0)
      Microsoft.Extensions.Primitives (>= 5.0)
    Microsoft.Extensions.Options.ConfigurationExtensions (5.0)
      Microsoft.Extensions.Configuration.Abstractions (>= 5.0)
      Microsoft.Extensions.Configuration.Binder (>= 5.0)
      Microsoft.Extensions.DependencyInjection.Abstractions (>= 5.0)
      Microsoft.Extensions.Options (>= 5.0)
      Microsoft.Extensions.Primitives (>= 5.0)
    Microsoft.Extensions.Primitives (5.0.1)
    Microsoft.IO.RecyclableMemoryStream (2.1.2)
    Microsoft.NETCore.Platforms (5.0.2)
    Microsoft.NETCore.Targets (5.0)
    NETStandard.Library (2.0.3)
      Microsoft.NETCore.Platforms (>= 1.1)
    Newtonsoft.Json (13.0.1)
    NSec.Cryptography (20.2)
      libsodium (>= 1.0.18 < 1.0.19)
      System.Runtime.CompilerServices.Unsafe (>= 4.7)
    OpenTelemetry (1.1)
      Microsoft.Extensions.Logging (>= 2.1 < 6.0)
      Microsoft.Extensions.Logging.Configuration (>= 2.1 < 6.0)
      OpenTelemetry.Api (>= 1.1)
      System.Collections.Immutable (>= 1.4)
      System.Reflection.Emit.Lightweight (>= 4.7)
    OpenTelemetry.Api (1.1)
      System.Diagnostics.DiagnosticSource (>= 5.0.1)
      System.Reflection.Emit.Lightweight (>= 4.7)
    OpenTelemetry.Exporter.Console (1.1)
      OpenTelemetry (>= 1.1)
    PemUtils (3.0.0.82)
      DerConverter (>= 3.0.0.82)
    Pipelines.Sockets.Unofficial (2.2)
      System.IO.Pipelines (>= 5.0)
    protobuf-net (3.0.101)
      protobuf-net.Core (>= 3.0.101)
    protobuf-net.Core (3.0.101)
    protobuf-net.Reflection (3.0.101)
      protobuf-net.Core (>= 3.0.101)
    Pulsar.Client (2.6.3)
      Apache.Avro (>= 1.10.2)
      AvroSchemaGenerator (>= 1.9)
      FSharp.Core (>= 5.0.1)
      FSharp.UMX (>= 1.0)
      K4os.Compression.LZ4 (>= 1.2.6)
      Microsoft.Bcl.AsyncInterfaces (>= 5.0)
      Microsoft.Extensions.Caching.Memory (>= 5.0)
      Microsoft.Extensions.Logging (>= 5.0)
      Microsoft.Extensions.Logging.Abstractions (>= 5.0)
      Microsoft.IO.RecyclableMemoryStream (>= 2.1.2)
      NSec.Cryptography (>= 20.2)
      PemUtils (>= 3.0.0.82)
      Pipelines.Sockets.Unofficial (>= 2.2)
      protobuf-net (>= 3.0.101)
      protobuf-net.Reflection (>= 3.0.101)
      Snappy.Standard (>= 0.2)
      System.IO.Pipelines (>= 5.0.1)
      System.Text.Json (>= 5.0.2)
      TaskBuilder.fs (>= 2.1)
      zlib.net-mutliplatform (>= 1.0.5)
      ZstdNet (>= 1.4.5)
    Pulsar.Client.Otel (0.1)
      OpenTelemetry.Api (>= 1.0.1)
      Pulsar.Client (>= 2.3)
      System.Diagnostics.DiagnosticSource (>= 5.0.1)
    Snappy.Standard (0.2)
      NETStandard.Library (>= 1.6)
    System.CodeDom (5.0)
    System.Collections.Immutable (5.0)
    System.ComponentModel.Annotations (5.0)
    System.Diagnostics.DiagnosticSource (5.0.1)
    System.IO (4.3)
      Microsoft.NETCore.Platforms (>= 1.1)
      Microsoft.NETCore.Targets (>= 1.1)
      System.Runtime (>= 4.3)
      System.Text.Encoding (>= 4.3)
      System.Threading.Tasks (>= 4.3)
    System.IO.Pipelines (5.0.1)
    System.Memory (4.5.4)
    System.Reflection (4.3)
      Microsoft.NETCore.Platforms (>= 1.1)
      Microsoft.NETCore.Targets (>= 1.1)
      System.IO (>= 4.3)
      System.Reflection.Primitives (>= 4.3)
      System.Runtime (>= 4.3)
    System.Reflection.Emit.ILGeneration (4.7)
    System.Reflection.Emit.Lightweight (4.7)
    System.Reflection.Primitives (4.3)
      Microsoft.NETCore.Platforms (>= 1.1)
      Microsoft.NETCore.Targets (>= 1.1)
      System.Runtime (>= 4.3)
    System.Runtime (4.3.1)
      Microsoft.NETCore.Platforms (>= 1.1.1)
      Microsoft.NETCore.Targets (>= 1.1.3)
    System.Runtime.CompilerServices.Unsafe (5.0)
    System.Text.Encoding (4.3)
      Microsoft.NETCore.Platforms (>= 1.1)
      Microsoft.NETCore.Targets (>= 1.1)
      System.Runtime (>= 4.3)
    System.Text.Json (5.0.2)
    System.Threading.Tasks (4.3)
      Microsoft.NETCore.Platforms (>= 1.1)
      Microsoft.NETCore.Targets (>= 1.1)
      System.Runtime (>= 4.3)
    System.ValueTuple (4.5)
    TaskBuilder.fs (2.1)
      FSharp.Core (>= 4.1.17)
      NETStandard.Library (>= 1.6.1)
      System.ValueTuple (>= 4.4)
    zlib.net-mutliplatform (1.0.5)
    ZstdNet (1.4.5)

GROUP OTel
STORAGE: NONE
RESTRICTION: == netstandard2.0
NUGET
  remote: https://api.nuget.org/v3/index.json
    Apache.Avro (1.10.2)
      Newtonsoft.Json (>= 10.0.3)
      System.CodeDom (>= 4.4)
      System.Reflection (>= 4.3)
      System.Reflection.Emit.ILGeneration (>= 4.7)
      System.Reflection.Emit.Lightweight (>= 4.7)
    AvroSchemaGenerator (1.9)
      System.ComponentModel.Annotations (>= 5.0)
      System.Text.Json (>= 5.0.2)
    DerConverter (3.0.0.82)
    FSharp.Core (5.0.2)
    FSharp.UMX (1.0)
      FSharp.Core (>= 4.3.4)
    K4os.Compression.LZ4 (1.2.6)
      System.Memory (>= 4.5.4)
    libsodium (1.0.18.1)
    Microsoft.Bcl.AsyncInterfaces (5.0)
      System.Threading.Tasks.Extensions (>= 4.5.4)
    Microsoft.Extensions.Caching.Abstractions (5.0)
      Microsoft.Extensions.Primitives (>= 5.0)
    Microsoft.Extensions.Caching.Memory (5.0)
      Microsoft.Extensions.Caching.Abstractions (>= 5.0)
      Microsoft.Extensions.DependencyInjection.Abstractions (>= 5.0)
      Microsoft.Extensions.Logging.Abstractions (>= 5.0)
      Microsoft.Extensions.Options (>= 5.0)
      Microsoft.Extensions.Primitives (>= 5.0)
    Microsoft.Extensions.Configuration (5.0)
      Microsoft.Extensions.Configuration.Abstractions (>= 5.0)
      Microsoft.Extensions.Primitives (>= 5.0)
    Microsoft.Extensions.Configuration.Abstractions (5.0)
      Microsoft.Extensions.Primitives (>= 5.0)
    Microsoft.Extensions.Configuration.Binder (5.0)
      Microsoft.Extensions.Configuration.Abstractions (>= 5.0)
    Microsoft.Extensions.DependencyInjection (5.0.2)
      Microsoft.Bcl.AsyncInterfaces (>= 5.0)
      Microsoft.Extensions.DependencyInjection.Abstractions (>= 5.0)
      System.Threading.Tasks.Extensions (>= 4.5.4)
    Microsoft.Extensions.DependencyInjection.Abstractions (5.0)
    Microsoft.Extensions.Logging (5.0)
      Microsoft.Extensions.DependencyInjection (>= 5.0)
      Microsoft.Extensions.DependencyInjection.Abstractions (>= 5.0)
      Microsoft.Extensions.Logging.Abstractions (>= 5.0)
      Microsoft.Extensions.Options (>= 5.0)
      System.Diagnostics.DiagnosticSource (>= 5.0)
    Microsoft.Extensions.Logging.Abstractions (5.0)
    Microsoft.Extensions.Logging.Configuration (5.0)
      Microsoft.Extensions.Configuration (>= 5.0)
      Microsoft.Extensions.Configuration.Abstractions (>= 5.0)
      Microsoft.Extensions.Configuration.Binder (>= 5.0)
      Microsoft.Extensions.DependencyInjection.Abstractions (>= 5.0)
      Microsoft.Extensions.Logging (>= 5.0)
      Microsoft.Extensions.Logging.Abstractions (>= 5.0)
      Microsoft.Extensions.Options (>= 5.0)
      Microsoft.Extensions.Options.ConfigurationExtensions (>= 5.0)
    Microsoft.Extensions.Logging.Console (5.0)
      Microsoft.Extensions.Configuration.Abstractions (>= 5.0)
      Microsoft.Extensions.DependencyInjection.Abstractions (>= 5.0)
      Microsoft.Extensions.Logging (>= 5.0)
      Microsoft.Extensions.Logging.Abstractions (>= 5.0)
      Microsoft.Extensions.Logging.Configuration (>= 5.0)
      Microsoft.Extensions.Options (>= 5.0)
      Microsoft.Extensions.Options.ConfigurationExtensions (>= 5.0)
      System.Buffers (>= 4.5.1)
      System.Memory (>= 4.5.4)
      System.Text.Json (>= 5.0)
    Microsoft.Extensions.Options (5.0)
      Microsoft.Extensions.DependencyInjection.Abstractions (>= 5.0)
      Microsoft.Extensions.Primitives (>= 5.0)
    Microsoft.Extensions.Options.ConfigurationExtensions (5.0)
      Microsoft.Extensions.Configuration.Abstractions (>= 5.0)
      Microsoft.Extensions.Configuration.Binder (>= 5.0)
      Microsoft.Extensions.DependencyInjection.Abstractions (>= 5.0)
      Microsoft.Extensions.Options (>= 5.0)
      Microsoft.Extensions.Primitives (>= 5.0)
    Microsoft.Extensions.Primitives (5.0.1)
      System.Buffers (>= 4.5.1)
      System.Memory (>= 4.5.4)
      System.Runtime.CompilerServices.Unsafe (>= 5.0)
    Microsoft.IO.RecyclableMemoryStream (2.1.2)
      System.Memory (>= 4.5.4)
    Microsoft.NETCore.Platforms (5.0.2)
    Microsoft.NETCore.Targets (5.0)
    NETStandard.Library (2.0.3)
      Microsoft.NETCore.Platforms (>= 1.1)
    Newtonsoft.Json (13.0.1)
    NSec.Cryptography (20.2)
      libsodium (>= 1.0.18 < 1.0.19)
      System.Memory (>= 4.5.3)
      System.Runtime.CompilerServices.Unsafe (>= 4.7)
    OpenTelemetry.Api (1.1)
      System.Diagnostics.DiagnosticSource (>= 5.0.1)
      System.Reflection.Emit.Lightweight (>= 4.7)
    PemUtils (3.0.0.82)
      DerConverter (>= 3.0.0.82)
    Pipelines.Sockets.Unofficial (2.2)
      System.IO.Pipelines (>= 5.0)
    protobuf-net (3.0.101)
      protobuf-net.Core (>= 3.0.101)
      System.Memory (>= 4.5.4)
      System.Reflection.Emit (>= 4.7)
      System.Reflection.Emit.Lightweight (>= 4.7)
    protobuf-net.Core (3.0.101)
      System.Collections.Immutable (>= 1.7.1)
      System.Memory (>= 4.5.4)
    protobuf-net.Reflection (3.0.101)
      protobuf-net.Core (>= 3.0.101)
    Pulsar.Client (2.6.3)
      Apache.Avro (>= 1.10.2)
      AvroSchemaGenerator (>= 1.9)
      FSharp.Core (>= 5.0.1)
      FSharp.UMX (>= 1.0)
      K4os.Compression.LZ4 (>= 1.2.6)
      Microsoft.Bcl.AsyncInterfaces (>= 5.0)
      Microsoft.Extensions.Caching.Memory (>= 5.0)
      Microsoft.Extensions.Logging (>= 5.0)
      Microsoft.Extensions.Logging.Abstractions (>= 5.0)
      Microsoft.IO.RecyclableMemoryStream (>= 2.1.2)
      NSec.Cryptography (>= 20.2)
      PemUtils (>= 3.0.0.82)
      Pipelines.Sockets.Unofficial (>= 2.2)
      protobuf-net (>= 3.0.101)
      protobuf-net.Reflection (>= 3.0.101)
      Snappy.Standard (>= 0.2)
      System.IO.Pipelines (>= 5.0.1)
      System.Text.Json (>= 5.0.2)
      TaskBuilder.fs (>= 2.1)
      zlib.net-mutliplatform (>= 1.0.5)
      ZstdNet (>= 1.4.5)
    Snappy.Standard (0.2)
      NETStandard.Library (>= 1.6)
    System.Buffers (4.5.1)
    System.CodeDom (5.0)
    System.Collections.Immutable (5.0)
      System.Memory (>= 4.5.4)
    System.ComponentModel.Annotations (5.0)
    System.Diagnostics.DiagnosticSource (5.0.1)
      System.Memory (>= 4.5.4)
      System.Runtime.CompilerServices.Unsafe (>= 5.0)
    System.IO (4.3)
      Microsoft.NETCore.Platforms (>= 1.1)
      Microsoft.NETCore.Targets (>= 1.1)
      System.Runtime (>= 4.3)
      System.Text.Encoding (>= 4.3)
      System.Threading.Tasks (>= 4.3)
    System.IO.Pipelines (5.0.1)
      System.Buffers (>= 4.5.1)
      System.Memory (>= 4.5.4)
      System.Threading.Tasks.Extensions (>= 4.5.4)
    System.Memory (4.5.4)
      System.Buffers (>= 4.5.1)
      System.Numerics.Vectors (>= 4.4)
      System.Runtime.CompilerServices.Unsafe (>= 4.5.3)
    System.Numerics.Vectors (4.5)
    System.Reflection (4.3)
      Microsoft.NETCore.Platforms (>= 1.1)
      Microsoft.NETCore.Targets (>= 1.1)
      System.IO (>= 4.3)
      System.Reflection.Primitives (>= 4.3)
      System.Runtime (>= 4.3)
    System.Reflection.Emit (4.7)
      System.Reflection.Emit.ILGeneration (>= 4.7)
    System.Reflection.Emit.ILGeneration (4.7)
    System.Reflection.Emit.Lightweight (4.7)
      System.Reflection.Emit.ILGeneration (>= 4.7)
    System.Reflection.Primitives (4.3)
      Microsoft.NETCore.Platforms (>= 1.1)
      Microsoft.NETCore.Targets (>= 1.1)
      System.Runtime (>= 4.3)
    System.Runtime (4.3.1)
      Microsoft.NETCore.Platforms (>= 1.1.1)
      Microsoft.NETCore.Targets (>= 1.1.3)
    System.Runtime.CompilerServices.Unsafe (5.0)
    System.Text.Encoding (4.3)
      Microsoft.NETCore.Platforms (>= 1.1)
      Microsoft.NETCore.Targets (>= 1.1)
      System.Runtime (>= 4.3)
    System.Text.Encodings.Web (5.0.1)
      System.Buffers (>= 4.5.1)
      System.Memory (>= 4.5.4)
    System.Text.Json (5.0.2)
      Microsoft.Bcl.AsyncInterfaces (>= 5.0)
      System.Buffers (>= 4.5.1)
      System.Memory (>= 4.5.4)
      System.Numerics.Vectors (>= 4.5)
      System.Runtime.CompilerServices.Unsafe (>= 5.0)
      System.Text.Encodings.Web (>= 5.0.1)
      System.Threading.Tasks.Extensions (>= 4.5.4)
    System.Threading.Channels (5.0)
      System.Threading.Tasks.Extensions (>= 4.5.4)
    System.Threading.Tasks (4.3)
      Microsoft.NETCore.Platforms (>= 1.1)
      Microsoft.NETCore.Targets (>= 1.1)
      System.Runtime (>= 4.3)
    System.Threading.Tasks.Extensions (4.5.4)
      System.Runtime.CompilerServices.Unsafe (>= 4.5.3)
    System.ValueTuple (4.5)
    TaskBuilder.fs (2.1)
      FSharp.Core (>= 4.1.17)
      NETStandard.Library (>= 1.6.1)
      System.ValueTuple (>= 4.4)
    zlib.net-mutliplatform (1.0.5)
    ZstdNet (1.4.5)
      System.Memory (>= 4.5.4)

GROUP Tests
STORAGE: NONE
RESTRICTION: == net50
NUGET
  remote: https://api.nuget.org/v3/index.json
    Apache.Avro (1.10.2)
      Newtonsoft.Json (>= 10.0.3)
      System.CodeDom (>= 4.4)
      System.Reflection (>= 4.3)
      System.Reflection.Emit.ILGeneration (>= 4.7)
      System.Reflection.Emit.Lightweight (>= 4.7)
    Expecto (9.0.2)
      FSharp.Core (>= 4.6)
      Mono.Cecil (>= 0.11.2)
    Expecto.FsCheck (9.0.2)
      Expecto (>= 9.0.2)
      FsCheck (>= 2.14.2)
    FsCheck (2.15.3)
      FSharp.Core (>= 4.2.3)
    FSharp.Core (5.0.1)
    Microsoft.CodeCoverage (16.10)
    Microsoft.Extensions.DependencyInjection (5.0.2)
      Microsoft.Extensions.DependencyInjection.Abstractions (>= 5.0)
    Microsoft.Extensions.DependencyInjection.Abstractions (5.0)
    Microsoft.Extensions.Logging (5.0)
      Microsoft.Extensions.DependencyInjection (>= 5.0)
      Microsoft.Extensions.DependencyInjection.Abstractions (>= 5.0)
      Microsoft.Extensions.Logging.Abstractions (>= 5.0)
      Microsoft.Extensions.Options (>= 5.0)
    Microsoft.Extensions.Logging.Abstractions (5.0)
    Microsoft.Extensions.Options (5.0)
      Microsoft.Extensions.DependencyInjection.Abstractions (>= 5.0)
      Microsoft.Extensions.Primitives (>= 5.0)
    Microsoft.Extensions.Primitives (5.0.1)
    Microsoft.NET.Test.Sdk (16.10)
      Microsoft.CodeCoverage (>= 16.10)
      Microsoft.TestPlatform.TestHost (>= 16.10)
    Microsoft.NETCore.Platforms (5.0.2)
    Microsoft.NETCore.Targets (5.0)
    Microsoft.TestPlatform.ObjectModel (16.10)
      NuGet.Frameworks (>= 5.0)
      System.Reflection.Metadata (>= 1.6)
    Microsoft.TestPlatform.TestHost (16.10)
      Microsoft.TestPlatform.ObjectModel (>= 16.10)
      Newtonsoft.Json (>= 9.0.1)
    Mono.Cecil (0.11.4)
    Newtonsoft.Json (13.0.1)
    NuGet.Frameworks (5.10)
    protobuf-net (3.0.101)
      protobuf-net.Core (>= 3.0.101)
    protobuf-net.Core (3.0.101)
    protobuf-net.Reflection (3.0.101)
      protobuf-net.Core (>= 3.0.101)
    Serilog (2.10)
    Serilog.Enrichers.Thread (3.1)
      Serilog (>= 2.3)
    Serilog.Extensions.Logging (3.0.1)
      Microsoft.Extensions.Logging (>= 2.0)
      Serilog (>= 2.8)
    Serilog.Sinks.Console (4.0)
      Serilog (>= 2.10)
    System.CodeDom (5.0)
    System.Collections.Immutable (5.0)
    System.IO (4.3)
      Microsoft.NETCore.Platforms (>= 1.1)
      Microsoft.NETCore.Targets (>= 1.1)
      System.Runtime (>= 4.3)
      System.Text.Encoding (>= 4.3)
      System.Threading.Tasks (>= 4.3)
    System.Reflection (4.3)
      Microsoft.NETCore.Platforms (>= 1.1)
      Microsoft.NETCore.Targets (>= 1.1)
      System.IO (>= 4.3)
      System.Reflection.Primitives (>= 4.3)
      System.Runtime (>= 4.3)
    System.Reflection.Emit.ILGeneration (4.7)
    System.Reflection.Emit.Lightweight (4.7)
    System.Reflection.Metadata (5.0)
    System.Reflection.Primitives (4.3)
      Microsoft.NETCore.Platforms (>= 1.1)
      Microsoft.NETCore.Targets (>= 1.1)
      System.Runtime (>= 4.3)
    System.Runtime (4.3.1)
      Microsoft.NETCore.Platforms (>= 1.1.1)
      Microsoft.NETCore.Targets (>= 1.1.3)
    System.Text.Encoding (4.3)
      Microsoft.NETCore.Platforms (>= 1.1)
      Microsoft.NETCore.Targets (>= 1.1)
      System.Runtime (>= 4.3)
    System.Threading.Tasks (4.3)
      Microsoft.NETCore.Platforms (>= 1.1)
      Microsoft.NETCore.Targets (>= 1.1)
      System.Runtime (>= 4.3)
    YoloDev.Expecto.TestSdk (0.11.1)
      Expecto (>= 9.0 < 10.0)
      FSharp.Core (>= 4.6)
      System.Collections.Immutable (>= 1.5 < 5.1)
